PATH
  remote: .
  specs:
    relaton-cli (1.15.1)
      liquid (~> 4)
      relaton (~> 1.15.0)
      thor
      thor-hollaback

GEM
  remote: https://rubygems.org/
  specs:
    activesupport (7.0.4.2)
      concurrent-ruby (~> 1.0, >= 1.0.2)
      i18n (>= 1.6, < 2)
      minitest (>= 5.1)
      tzinfo (~> 2.0)
    addressable (2.8.1)
      public_suffix (>= 2.0.2, < 6.0)
    algolia (2.2.5)
      faraday (>= 0.15, < 2.0)
      multi_json (~> 1.0)
      net-http-persistent
    amazing_print (1.4.0)
    bcp47 (0.3.3)
      i18n
    bibtex-ruby (6.0.0)
      latex-decode (~> 0.0)
    builder (3.2.4)
    byebug (11.1.3)
    cnccs (0.1.6)
    coderay (1.1.3)
    concurrent-ruby (1.2.0)
    connection_pool (2.3.0)
    crack (0.4.5)
      rexml
    date (3.3.3)
    diff-lcs (1.5.0)
    docile (1.4.0)
    domain_name (0.5.20190701)
      unf (>= 0.0.5, < 1.0.0)
    ebnf (2.3.1)
      amazing_print (~> 1.4)
      htmlentities (~> 4.3)
      rdf (~> 3.2)
      scanf (~> 1.0)
      sxp (~> 1.2)
      unicode-types (~> 1.7)
    equivalent-xml (0.6.0)
      nokogiri (>= 1.4.3)
    faraday (1.10.3)
      faraday-em_http (~> 1.0)
      faraday-em_synchrony (~> 1.0)
      faraday-excon (~> 1.1)
      faraday-httpclient (~> 1.0)
      faraday-multipart (~> 1.0)
      faraday-net_http (~> 1.0)
      faraday-net_http_persistent (~> 1.0)
      faraday-patron (~> 1.0)
      faraday-rack (~> 1.0)
      faraday-retry (~> 1.0)
      ruby2_keywords (>= 0.0.4)
    faraday-em_http (1.0.0)
    faraday-em_synchrony (1.0.0)
    faraday-excon (1.1.0)
    faraday-httpclient (1.0.1)
    faraday-multipart (1.0.4)
      multipart-post (~> 2)
    faraday-net_http (1.0.1)
    faraday-net_http_persistent (1.2.0)
    faraday-patron (1.0.0)
    faraday-rack (1.0.0)
    faraday-retry (1.0.3)
    faraday_middleware (1.2.0)
      faraday (~> 1.0)
    gb-agencies (0.0.7)
    graphql (1.13.6)
    graphql-client (0.16.0)
      activesupport (>= 3.0)
      graphql (~> 1.8)
    haml (5.2.2)
      temple (>= 0.8.0)
      tilt
    hashdiff (1.0.1)
    hollaback (0.1.1)
    htmlentities (4.3.4)
    http-cookie (1.0.5)
      domain_name (~> 0.5)
    i18n (1.12.0)
      concurrent-ruby (~> 1.0)
    iso639 (1.3.2)
    isoics (0.1.11)
    json-canonicalization (0.3.1)
    json-ld (3.2.3)
      htmlentities (~> 4.3)
      json-canonicalization (~> 0.3)
      link_header (~> 0.0, >= 0.0.8)
      multi_json (~> 1.15)
      rack (~> 2.2)
      rdf (~> 3.2, >= 3.2.9)
    json-ld-preloaded (3.2.2)
      json-ld (~> 3.2)
      rdf (~> 3.2)
    latex-decode (0.4.0)
    ld-patch (3.1.3)
      ebnf (~> 2.1)
      rdf (~> 3.1)
      rdf-xsd (~> 3.1)
      sparql (~> 3.1)
      sxp (~> 1.1)
    lightly (0.3.3)
    link_header (0.0.8)
    linkeddata (3.1.6)
      equivalent-xml (~> 0.6)
      json-ld (~> 3.1, >= 3.1.10)
      json-ld-preloaded (~> 3.1, >= 3.1.6)
      ld-patch (~> 3.1, >= 3.1.3)
      nokogiri (~> 1.12)
      rdf (~> 3.1, >= 3.1.15)
      rdf-aggregate-repo (~> 3.1)
      rdf-isomorphic (~> 3.1, >= 3.1.1)
      rdf-json (~> 3.1)
      rdf-microdata (~> 3.1, >= 3.1.4)
      rdf-n3 (~> 3.1, >= 3.1.2)
      rdf-normalize (~> 0.4)
      rdf-ordered-repo (~> 3.1, >= 3.1.1)
      rdf-rdfa (~> 3.1, >= 3.1.3)
      rdf-rdfxml (~> 3.1, >= 3.1.1)
      rdf-reasoner (~> 0.7, >= 0.7.2)
      rdf-tabular (~> 3.1, >= 3.1.1)
      rdf-trig (~> 3.1, >= 3.1.2)
      rdf-trix (~> 3.1, >= 3.1.1)
      rdf-turtle (~> 3.1, >= 3.1.3)
      rdf-vocab (~> 3.1, >= 3.1.14)
      rdf-xsd (~> 3.1, >= 3.1.1)
      shacl (~> 0.1, >= 0.1.1)
      shex (~> 0.6, >= 0.6.4)
      sparql (~> 3.1, >= 3.1.8)
      sparql-client (~> 3.1, >= 3.1.2)
    liquid (4.0.4)
    logger (1.5.3)
    matrix (0.4.2)
    mdb (0.5.0)
    mechanize (2.8.5)
      addressable (~> 2.8)
      domain_name (~> 0.5, >= 0.5.20190701)
      http-cookie (~> 1.0, >= 1.0.3)
      mime-types (~> 3.0)
      net-http-digest_auth (~> 1.4, >= 1.4.1)
      net-http-persistent (>= 2.5.2, < 5.0.dev)
      nokogiri (~> 1.11, >= 1.11.2)
      rubyntlm (~> 0.6, >= 0.6.3)
      webrick (~> 1.7)
      webrobots (~> 0.1.2)
    method_source (1.0.0)
    mime-types (3.4.1)
      mime-types-data (~> 3.2015)
    mime-types-data (3.2023.0218.1)
    mini_portile2 (2.8.1)
    minitest (5.17.0)
    mixlib-shellout (2.4.4)
    multi_json (1.15.0)
    multipart-post (2.3.0)
    net-ftp (0.1.3)
      net-protocol
      time
    net-http-digest_auth (1.4.1)
    net-http-persistent (4.0.1)
      connection_pool (~> 2.2)
    net-protocol (0.2.1)
      timeout
    nokogiri (1.13.10)
      mini_portile2 (~> 2.8.0)
      racc (~> 1.4)
    optout (0.0.2)
    parslet (2.0.0)
    pry (0.14.2)
      coderay (~> 1.1)
      method_source (~> 1.0)
    pubid-core (1.5.1)
      parslet
    pubid-iso (0.4.1)
      lightly
      nokogiri
      parslet
      pubid-core (~> 1.5.1)
      thor
    public_suffix (5.0.1)
    racc (1.6.2)
    rack (2.2.6.2)
    rake (13.0.6)
    rdf (3.2.9)
      link_header (~> 0.0, >= 0.0.8)
    rdf-aggregate-repo (3.2.1)
      rdf (~> 3.2)
    rdf-isomorphic (3.2.1)
      rdf (~> 3.2)
    rdf-json (3.2.0)
      rdf (~> 3.2)
    rdf-microdata (3.2.1)
      htmlentities (~> 4.3)
      nokogiri (~> 1.13)
      rdf (~> 3.2)
      rdf-rdfa (~> 3.2)
      rdf-xsd (~> 3.2)
    rdf-n3 (3.1.2)
      ebnf (~> 2.1)
      rdf (~> 3.1, >= 3.1.8)
      sparql (~> 3.1, >= 3.1.4)
      sxp (~> 1.1)
    rdf-normalize (0.5.1)
      rdf (~> 3.2)
    rdf-ordered-repo (3.2.1)
      rdf (~> 3.2, >= 3.2.1)
    rdf-rdfa (3.2.0)
      haml (~> 5.2)
      htmlentities (~> 4.3)
      rdf (~> 3.2)
      rdf-aggregate-repo (~> 3.2)
      rdf-vocab (~> 3.2)
      rdf-xsd (~> 3.2)
    rdf-rdfxml (3.2.0)
      htmlentities (~> 4.3)
      rdf (~> 3.2)
      rdf-rdfa (~> 3.2)
      rdf-xsd (~> 3.2)
    rdf-reasoner (0.8.0)
      rdf (~> 3.2)
      rdf-xsd (~> 3.2)
    rdf-tabular (3.2.1)
      addressable (~> 2.8)
      bcp47 (~> 0.3, >= 0.3.3)
      json-ld (~> 3.2)
      rdf (~> 3.2, >= 3.2.7)
      rdf-vocab (~> 3.2)
      rdf-xsd (~> 3.2)
    rdf-trig (3.2.0)
      ebnf (~> 2.2)
      rdf (~> 3.2)
      rdf-turtle (~> 3.2)
    rdf-trix (3.2.0)
      rdf (~> 3.2)
      rdf-xsd (~> 3.2)
    rdf-turtle (3.2.1)
      ebnf (~> 2.3)
      rdf (~> 3.2)
    rdf-vocab (3.2.3)
      rdf (~> 3.2, >= 3.2.4)
    rdf-xsd (3.2.1)
      rdf (~> 3.2)
      rexml (~> 3.2)
    relaton (1.15.0)
      relaton-3gpp (~> 1.14.0)
      relaton-bipm (~> 1.14.0)
      relaton-bsi (~> 1.14.0)
      relaton-calconnect (~> 1.14.0)
      relaton-cen (~> 1.14.0)
      relaton-cie (~> 1.14.0)
      relaton-doi (~> 1.14.0)
      relaton-ecma (~> 1.14.0)
      relaton-gb (~> 1.14.0)
      relaton-iana (~> 1.14.0)
      relaton-iec (~> 1.14.0)
      relaton-ieee (~> 1.14.0)
      relaton-ietf (~> 1.14.0)
      relaton-iho (~> 1.14.0)
      relaton-iso (~> 1.15.0)
      relaton-itu (~> 1.14.0)
      relaton-nist (~> 1.14.0)
      relaton-oasis (~> 1.14.0)
      relaton-ogc (~> 1.14.0)
      relaton-omg (~> 1.14.0)
      relaton-un (~> 1.14.0)
      relaton-w3c (~> 1.14.1)
    relaton-3gpp (1.14.3)
      mdb (~> 0.5.0)
      net-ftp (~> 0.1.0)
      relaton-bib (~> 1.14.0)
      rubyzip (~> 2.3.0)
    relaton-bib (1.14.5)
      addressable
      bibtex-ruby
      htmlentities
      iso639
      nokogiri (~> 1.13.0)
    relaton-bipm (1.14.2)
      faraday (~> 1.0)
      mechanize (~> 2.8.0)
      relaton-bib (~> 1.14.0)
      rubyzip (~> 2.3.0)
      serrano (~> 1.0)
    relaton-bsi (1.14.2)
      algolia (~> 2.2.0)
      graphql (= 1.13.6)
      graphql-client (~> 0.16.0)
      relaton-iso-bib (~> 1.14.0)
    relaton-calconnect (1.14.0)
      faraday (~> 1.0)
      relaton-bib (~> 1.14.0)
    relaton-cen (1.14.0)
      mechanize
      relaton-iso-bib (~> 1.14.0)
    relaton-cie (1.14.0)
      mechanize (~> 2.8.0)
      relaton-bib (~> 1.14.0)
    relaton-doi (1.14.3)
      relaton-bib (~> 1.14.3)
      relaton-bipm (~> 1.14.0)
      relaton-ieee (~> 1.14.0)
      relaton-ietf (~> 1.14.0)
      relaton-nist (~> 1.14.0)
      serrano (~> 1.0.0)
    relaton-ecma (1.14.0)
      relaton-bib (~> 1.14.0)
    relaton-gb (1.14.0)
      cnccs (~> 0.1.1)
      gb-agencies (~> 0.0.1)
      relaton-iso-bib (~> 1.14.0)
    relaton-iana (1.14.1)
      faraday (~> 1.0)
      relaton-bib (~> 1.14.0)
      ruby-jing
    relaton-iec (1.14.1)
      addressable
      relaton-iso-bib (~> 1.14.0)
    relaton-ieee (1.14.4)
      faraday (~> 1.0)
      mini_portile2
      relaton-bib (~> 1.14.0)
      rubyzip (~> 2.3.0)
    relaton-ietf (1.14.2)
      relaton-bib (~> 1.14.0)
    relaton-iho (1.14.0)
      relaton-bib (~> 1.14.0)
    relaton-iso (1.15.0)
      algolia
      pubid-iso (~> 0.4.0)
      relaton-iso-bib (~> 1.14.0)
    relaton-iso-bib (1.14.0)
      isoics (~> 0.1.6)
      relaton-bib (~> 1.14.0)
    relaton-itu (1.14.0)
      mechanize (~> 2.8.0)
      relaton-bib (~> 1.14.0)
    relaton-nist (1.14.1)
      relaton-bib (~> 1.14.0)
      rubyzip
    relaton-oasis (1.14.2)
      mechanize
      relaton-bib (~> 1.14.0)
    relaton-ogc (1.14.1)
      faraday (~> 1.0)
      relaton-iso-bib (~> 1.14.0)
    relaton-omg (1.14.0)
      relaton-bib (~> 1.14.0)
    relaton-un (1.14.0)
      faraday (~> 1.0)
      http-cookie
      relaton-bib (~> 1.14.0)
      unf_ext (>= 0.0.7.7)
    relaton-w3c (1.14.0)
      linkeddata (~> 3.1.0)
      mechanize (~> 2.8.0)
      rdf (~> 3.2.0)
      rdf-normalize (~> 0.5.0)
      relaton-bib (~> 1.14.0)
      rubyzip (~> 2.3.0)
      shex (~> 0.6.0)
      sparql (~> 3.1.0)
    rexml (3.2.5)
    rspec (3.12.0)
      rspec-core (~> 3.12.0)
      rspec-expectations (~> 3.12.0)
      rspec-mocks (~> 3.12.0)
    rspec-command (1.0.3)
      mixlib-shellout (~> 2.0)
      rspec (~> 3.2)
      rspec-its (~> 1.2)
    rspec-core (3.12.1)
      rspec-support (~> 3.12.0)
    rspec-expectations (3.12.2)
      diff-lcs (>= 1.2.0, < 2.0)
      rspec-support (~> 3.12.0)
    rspec-its (1.3.0)
      rspec-core (>= 3.0.0)
      rspec-expectations (>= 3.0.0)
    rspec-mocks (3.12.3)
      diff-lcs (>= 1.2.0, < 2.0)
      rspec-support (~> 3.12.0)
    rspec-support (3.12.0)
    ruby-jing (0.0.3)
      optout (>= 0.0.2)
    ruby2_keywords (0.0.5)
    rubyntlm (0.6.3)
    rubyzip (2.3.2)
    scanf (1.0.0)
    serrano (1.0.0)
      faraday (~> 1.1)
      faraday_middleware (~> 1.0)
      multi_json (~> 1.15)
      thor (~> 1.0, >= 1.0.1)
    shacl (0.1.1)
      json-ld (~> 3.1, >= 3.1.7)
      rdf (~> 3.1, >= 3.1.8)
      sparql (~> 3.1)
      sxp (~> 1.1)
    shex (0.6.4)
      ebnf (~> 2.1, >= 2.2)
      htmlentities (~> 4.3)
      json-ld (~> 3.1)
      json-ld-preloaded (~> 3.1)
      rdf (~> 3.1)
      rdf-xsd (~> 3.1)
      sparql (~> 3.1)
      sxp (~> 1.1)
    simplecov (0.22.0)
      docile (~> 1.1)
      simplecov-html (~> 0.11)
      simplecov_json_formatter (~> 0.1)
    simplecov-html (0.12.3)
    simplecov_json_formatter (0.1.4)
    sparql (3.1.8)
      builder (~> 3.2)
      ebnf (~> 2.1)
      logger (~> 1.4)
      rdf (~> 3.1, >= 3.1.14)
      rdf-aggregate-repo (~> 3.1)
      rdf-xsd (~> 3.1)
      sparql-client (~> 3.1, >= 3.1.2)
      sxp (~> 1.1)
    sparql-client (3.2.1)
      net-http-persistent (~> 4.0, >= 4.0.1)
      rdf (~> 3.2, >= 3.2.6)
    sxp (1.2.3)
      matrix (~> 0.4)
      rdf (~> 3.2)
    temple (0.10.0)
    thor (1.2.1)
    thor-hollaback (0.2.1)
      hollaback (~> 0.1)
      thor (>= 0.19.1)
    tilt (2.1.0)
    time (0.2.1)
      date
    timeout (0.3.2)
    tzinfo (2.0.6)
      concurrent-ruby (~> 1.0)
    unf (0.1.4)
      unf_ext
    unf_ext (0.0.8.2)
    unicode-types (1.8.0)
    vcr (6.1.0)
    webmock (3.18.1)
      addressable (>= 2.8.0)
      crack (>= 0.3.2)
      hashdiff (>= 0.4.0, < 2.0.0)
    webrick (1.8.1)
    webrobots (0.1.2)

PLATFORMS
  x86_64-linux

DEPENDENCIES
  byebug (~> 11.0)
  equivalent-xml (~> 0.6)
  pry
  rake
  relaton-cli!
  rspec (~> 3.0)
  rspec-command (~> 1.0.3)
  rspec-core (~> 3.4)
  simplecov
  vcr
  webmock

BUNDLED WITH
   2.4.6
