GEM
  remote: https://rubygems.org/
  specs:
    activesupport (7.0.5.1)
      concurrent-ruby (~> 1.0, >= 1.0.2)
      i18n (>= 1.6, < 2)
      minitest (>= 5.1)
      tzinfo (~> 2.0)
    addressable (2.8.4)
      public_suffix (>= 2.0.2, < 6.0)
    algolia (2.3.2)
      faraday (>= 0.15, < 3)
      faraday-net_http_persistent (>= 0.15, < 3)
      multi_json (~> 1.0)
      net-http-persistent
    bcp47 (0.3.3)
      i18n
    bibtex-ruby (6.0.0)
      latex-decode (~> 0.0)
    builder (3.2.4)
    cnccs (0.1.6)
    concurrent-ruby (1.2.2)
    connection_pool (2.4.1)
    date (3.3.3)
    domain_name (0.5.20190701)
      unf (>= 0.0.5, < 1.0.0)
    ebnf (2.3.4)
      htmlentities (~> 4.3)
      rdf (~> 3.2)
      scanf (~> 1.0)
      sxp (~> 1.2)
      unicode-types (~> 1.8)
    faraday (2.7.8)
      faraday-net_http (>= 2.0, < 3.1)
      ruby2_keywords (>= 0.0.4)
    faraday-follow_redirects (0.1.0)
      faraday (>= 2, < 3)
    faraday-net_http (3.0.2)
    faraday-net_http_persistent (2.1.0)
      faraday (~> 2.5)
      net-http-persistent (~> 4.0)
    gb-agencies (0.0.7)
    graphql (1.13.6)
    graphql-client (0.16.0)
      activesupport (>= 3.0)
      graphql (~> 1.8)
    haml (6.1.1)
      temple (>= 0.8.2)
      thor
      tilt
    hamster (3.0.0)
      concurrent-ruby (~> 1.0)
    hollaback (0.1.1)
    htmlentities (4.3.4)
    http-cookie (1.0.5)
      domain_name (~> 0.5)
    i18n (1.14.1)
      concurrent-ruby (~> 1.0)
    iso639 (1.3.2)
    isoics (0.1.12)
    json-canonicalization (0.3.2)
    json-ld (3.2.5)
      htmlentities (~> 4.3)
      json-canonicalization (~> 0.3, >= 0.3.2)
      link_header (~> 0.0, >= 0.0.8)
      multi_json (~> 1.15)
      rack (>= 2.2, < 4)
      rdf (~> 3.2, >= 3.2.10)
    json-ld-preloaded (3.2.2)
      json-ld (~> 3.2)
      rdf (~> 3.2)
    latex-decode (0.4.0)
    ld-patch (3.2.0)
      ebnf (~> 2.2)
      rdf (~> 3.2)
      rdf-xsd (~> 3.2)
      sparql (~> 3.2)
      sxp (~> 1.2)
    lightly (0.4.0)
    link_header (0.0.8)
    linkeddata (3.2.1)
      json-ld (~> 3.2, >= 3.2.3)
      json-ld-preloaded (~> 3.2)
      ld-patch (~> 3.2)
      nokogiri (~> 1.13, >= 1.13.8)
      rdf (~> 3.2, >= 3.2.9)
      rdf-aggregate-repo (~> 3.2, >= 3.2.1)
      rdf-hamster-repo (~> 3.2)
      rdf-isomorphic (~> 3.2, >= 3.2.1)
      rdf-json (~> 3.2)
      rdf-microdata (~> 3.2, >= 3.2.1)
      rdf-n3 (~> 3.2, >= 3.2.1)
      rdf-normalize (~> 0.5)
      rdf-ordered-repo (~> 3.2, >= 3.2.1)
      rdf-rdfa (~> 3.2)
      rdf-rdfxml (~> 3.2)
      rdf-reasoner (~> 0.8)
      rdf-tabular (~> 3.2, >= 3.2.1)
      rdf-trig (~> 3.2)
      rdf-trix (~> 3.2)
      rdf-turtle (~> 3.2, >= 3.2.1)
      rdf-vocab (~> 3.2, >= 3.2.1)
      rdf-xsd (~> 3.2, >= 3.2.1)
      shacl (~> 0.2, >= 0.2.1)
      shex (~> 0.7, >= 0.7.1)
      sparql (~> 3.2, >= 3.2.4)
      sparql-client (~> 3.2, >= 3.2.1)
      yaml-ld (~> 0.0)
    liquid (5.4.0)
    logger (1.5.3)
    matrix (0.4.2)
    mdb (0.5.0)
    mechanize (2.8.5)
      addressable (~> 2.8)
      domain_name (~> 0.5, >= 0.5.20190701)
      http-cookie (~> 1.0, >= 1.0.3)
      mime-types (~> 3.0)
      net-http-digest_auth (~> 1.4, >= 1.4.1)
      net-http-persistent (>= 2.5.2, < 5.0.dev)
      nokogiri (~> 1.11, >= 1.11.2)
      rubyntlm (~> 0.6, >= 0.6.3)
      webrick (~> 1.7)
      webrobots (~> 0.1.2)
    mime-types (3.4.1)
      mime-types-data (~> 3.2015)
    mime-types-data (3.2023.0218.1)
    mini_portile2 (2.8.2)
    minitest (5.18.1)
    multi_json (1.15.0)
    net-ftp (0.1.3)
      net-protocol
      time
    net-http-digest_auth (1.4.1)
    net-http-persistent (4.0.2)
      connection_pool (~> 2.2)
    net-protocol (0.2.1)
      timeout
    nokogiri (1.14.5-x86_64-linux)
      racc (~> 1.4)
    parslet (2.0.0)
    psych (5.1.0)
      stringio
    pubid-core (1.8.3)
      parslet
    pubid-iso (0.5.3)
      lightly
      nokogiri
      parslet
      pubid-core (~> 1.8.0)
      thor
    public_suffix (5.0.1)
    racc (1.7.1)
    rack (3.0.8)
    rdf (3.2.11)
      link_header (~> 0.0, >= 0.0.8)
    rdf-aggregate-repo (3.2.1)
      rdf (~> 3.2)
    rdf-hamster-repo (3.2.1)
      hamster (~> 3.0)
      rdf (~> 3.2, >= 3.2.1)
    rdf-isomorphic (3.2.1)
      rdf (~> 3.2)
    rdf-json (3.2.0)
      rdf (~> 3.2)
    rdf-microdata (3.2.1)
      htmlentities (~> 4.3)
      nokogiri (~> 1.13)
      rdf (~> 3.2)
      rdf-rdfa (~> 3.2)
      rdf-xsd (~> 3.2)
    rdf-n3 (3.2.1)
      ebnf (~> 2.2)
      rdf (~> 3.2)
      sparql (~> 3.2)
      sxp (~> 1.2)
    rdf-normalize (0.5.1)
      rdf (~> 3.2)
    rdf-ordered-repo (3.2.1)
      rdf (~> 3.2, >= 3.2.1)
    rdf-rdfa (3.2.2)
      haml (>= 5.2, < 7)
      htmlentities (~> 4.3)
      rdf (~> 3.2)
      rdf-aggregate-repo (~> 3.2)
      rdf-vocab (~> 3.2)
      rdf-xsd (~> 3.2)
    rdf-rdfxml (3.2.0)
      htmlentities (~> 4.3)
      rdf (~> 3.2)
      rdf-rdfa (~> 3.2)
      rdf-xsd (~> 3.2)
    rdf-reasoner (0.8.0)
      rdf (~> 3.2)
      rdf-xsd (~> 3.2)
    rdf-tabular (3.2.1)
      addressable (~> 2.8)
      bcp47 (~> 0.3, >= 0.3.3)
      json-ld (~> 3.2)
      rdf (~> 3.2, >= 3.2.7)
      rdf-vocab (~> 3.2)
      rdf-xsd (~> 3.2)
    rdf-trig (3.2.0)
      ebnf (~> 2.2)
      rdf (~> 3.2)
      rdf-turtle (~> 3.2)
    rdf-trix (3.2.0)
      rdf (~> 3.2)
      rdf-xsd (~> 3.2)
    rdf-turtle (3.2.1)
      ebnf (~> 2.3)
      rdf (~> 3.2)
    rdf-vocab (3.2.6)
      rdf (~> 3.2, >= 3.2.4)
    rdf-xsd (3.2.1)
      rdf (~> 3.2)
      rexml (~> 3.2)
    relaton (1.15.3)
      relaton-3gpp (~> 1.14.0)
      relaton-bipm (~> 1.14.0)
      relaton-bsi (~> 1.14.0)
      relaton-calconnect (~> 1.14.0)
      relaton-cen (~> 1.14.0)
      relaton-cie (~> 1.14.0)
      relaton-doi (~> 1.14.0)
      relaton-ecma (~> 1.14.0)
      relaton-gb (~> 1.14.0)
      relaton-iana (~> 1.14.0)
      relaton-iec (~> 1.14.0)
      relaton-ieee (~> 1.14.0)
      relaton-ietf (~> 1.14.0)
      relaton-iho (~> 1.14.0)
      relaton-iso (~> 1.15.3)
      relaton-itu (~> 1.14.0)
      relaton-jis (~> 1.14.0)
      relaton-nist (~> 1.14.0)
      relaton-oasis (~> 1.14.0)
      relaton-ogc (~> 1.14.0)
      relaton-omg (~> 1.14.0)
      relaton-un (~> 1.14.0)
      relaton-w3c (~> 1.14.0)
    relaton-3gpp (1.14.6)
      mdb (~> 0.5.0)
      net-ftp (~> 0.1.0)
      relaton-bib (~> 1.14.0)
      relaton-index (~> 0.2.0)
      rubyzip (~> 2.3.0)
    relaton-bib (1.14.11)
      addressable
      bibtex-ruby
      htmlentities
      iso639
      nokogiri (~> 1.14.0)
    relaton-bipm (1.14.11)
      faraday (~> 2.7.0)
      mechanize (~> 2.8.0)
      parslet (~> 2.0.0)
      relaton-bib (~> 1.14.0)
      relaton-index (~> 0.2.2)
      rubyzip (~> 2.3.0)
    relaton-bsi (1.14.6)
      algolia (~> 2.3.0)
      graphql (= 1.13.6)
      graphql-client (~> 0.16.0)
      relaton-iso-bib (~> 1.14.0)
    relaton-calconnect (1.14.2)
      faraday (~> 2.7.0)
      relaton-bib (~> 1.14.0)
      relaton-index (~> 0.2.0)
    relaton-cen (1.14.1)
      mechanize (~> 2.8.0)
      relaton-iso-bib (~> 1.14.0)
    relaton-cie (1.14.1)
      mechanize (~> 2.8.0)
      parslet (~> 2.0.0)
      relaton-bib (~> 1.14.0)
      relaton-index (~> 0.2.0)
    relaton-cli (1.15.1)
      liquid (~> 5)
      relaton (~> 1.15.0)
      thor
      thor-hollaback
    relaton-doi (1.14.4)
      relaton-bib (~> 1.14.3)
      relaton-bipm (~> 1.14.0)
      relaton-ieee (~> 1.14.0)
      relaton-ietf (~> 1.14.0)
      relaton-nist (~> 1.14.0)
      serrano (~> 1.4.0)
    relaton-ecma (1.14.6)
      mechanize (~> 2.8.0)
      relaton-bib (~> 1.14.0)
      relaton-index (~> 0.2.4)
    relaton-gb (1.14.0)
      cnccs (~> 0.1.1)
      gb-agencies (~> 0.0.1)
      relaton-iso-bib (~> 1.14.0)
    relaton-iana (1.14.3)
      faraday (~> 2.7.0)
      relaton-bib (~> 1.14.0)
      relaton-index (~> 0.2.0)
    relaton-iec (1.14.4)
      addressable
      relaton-index (~> 0.2.0)
      relaton-iso-bib (~> 1.14.0)
      rubyzip
    relaton-ieee (1.14.8)
      faraday (~> 2.7.0)
      mini_portile2 (~> 2.8.0)
      relaton-bib (~> 1.14.0)
      relaton-index (~> 0.2.0)
      rubyzip (~> 2.3.0)
    relaton-ietf (1.14.4)
      relaton-bib (~> 1.14.0)
      relaton-index (~> 0.2.0)
    relaton-iho (1.14.3)
      relaton-bib (~> 1.14.0)
      relaton-index (~> 0.2.0)
    relaton-index (0.2.5)
      rubyzip (~> 2.3.0)
    relaton-iso (1.15.4)
      algolia (~> 2.3.0)
      pubid-iso (~> 0.5.0)
      relaton-iso-bib (~> 1.14.0)
    relaton-iso-bib (1.14.0)
      isoics (~> 0.1.6)
      relaton-bib (~> 1.14.0)
    relaton-itu (1.14.3)
      mechanize (~> 2.8.0)
      parslet (~> 2.0.0)
      relaton-bib (~> 1.14.0)
      relaton-index (~> 0.2.0)
    relaton-jis (1.14.4)
      mechanize (~> 2.8.0)
      relaton-bib (~> 1.14.9)
      relaton-iso-bib (~> 1.14.0)
    relaton-nist (1.14.6)
      relaton-bib (~> 1.14.0)
      relaton-index (~> 0.2.0)
      rubyzip
    relaton-oasis (1.14.4)
      mechanize (~> 2.8.0)
      multi_json (~> 1.15.0)
      relaton-bib (~> 1.14.0)
      relaton-index (~> 0.2.0)
    relaton-ogc (1.14.3)
      faraday (~> 2.7.0)
      relaton-index (~> 0.2.0)
      relaton-iso-bib (~> 1.14.0)
    relaton-omg (1.14.0)
      relaton-bib (~> 1.14.0)
    relaton-un (1.14.1)
      addressable (~> 2.8.0)
      faraday (~> 2.7.0)
      http-cookie (~> 1.0.5)
      relaton-bib (~> 1.14.0)
      unf_ext (>= 0.0.7.7)
    relaton-w3c (1.14.3)
      linkeddata (~> 3.2.0)
      mechanize (~> 2.8.0)
      rdf (~> 3.2.0)
      rdf-normalize (~> 0.5.0)
      relaton-bib (~> 1.14.0)
      relaton-index (~> 0.2.4)
      rubyzip (~> 2.3.0)
      shex (~> 0.7.0)
      sparql (~> 3.2.0)
    rexml (3.2.5)
    ruby2_keywords (0.0.5)
    rubyntlm (0.6.3)
    rubyzip (2.3.2)
    scanf (1.0.0)
    serrano (1.4)
      faraday (~> 2.2)
      faraday-follow_redirects (~> 0.1.0)
      multi_json (~> 1.15)
      rexml (~> 3.2, >= 3.2.5)
      thor (~> 1.2, >= 1.2.1)
    shacl (0.3.0)
      json-ld (~> 3.2)
      rdf (~> 3.2, >= 3.2.8)
      sparql (~> 3.2, >= 3.2.4)
      sxp (~> 1.2)
    shex (0.7.1)
      ebnf (~> 2.2)
      htmlentities (~> 4.3)
      json-ld (~> 3.2)
      json-ld-preloaded (~> 3.2)
      rdf (~> 3.2)
      rdf-xsd (~> 3.2)
      sparql (~> 3.2)
      sxp (~> 1.2)
    sparql (3.2.5)
      builder (~> 3.2)
      ebnf (~> 2.2, >= 2.3.1)
      logger (~> 1.5)
      rdf (~> 3.2, >= 3.2.8)
      rdf-aggregate-repo (~> 3.2)
      rdf-xsd (~> 3.2)
      sparql-client (~> 3.2, >= 3.2.1)
      sxp (~> 1.2, >= 1.2.2)
    sparql-client (3.2.1)
      net-http-persistent (~> 4.0, >= 4.0.1)
      rdf (~> 3.2, >= 3.2.6)
    stringio (3.0.7)
    sxp (1.2.4)
      matrix (~> 0.4)
      rdf (~> 3.2)
    temple (0.10.2)
    thor (1.2.2)
    thor-hollaback (0.2.1)
      hollaback (~> 0.1)
      thor (>= 0.19.1)
    tilt (2.2.0)
    time (0.2.2)
      date
    timeout (0.4.0)
    tzinfo (2.0.6)
      concurrent-ruby (~> 1.0)
    unf (0.1.4)
      unf_ext
    unf_ext (0.0.8.2)
    unicode-types (1.8.0)
    webrick (1.8.1)
    webrobots (0.1.2)
    yaml-ld (0.0.2)
      json-ld (~> 3.2, >= 3.2.3)
      psych (>= 3.3)
      rdf (~> 3.2, >= 3.2.9)
      rdf-xsd (~> 3.2)

PLATFORMS
  x86_64-linux

DEPENDENCIES
  relaton-cli (= 1.15.1)

BUNDLED WITH
   2.3.26
